GEM
  remote: https://rubygems.org/
  specs:
    ast (2.4.0)
    diff-lcs (1.3)
    docile (1.3.1)
    dotenv (2.0.1)
    ffi (1.10.0)
    fuubar (2.0.0)
      rspec (~> 3.0)
      ruby-progressbar (~> 1.4)
    i2c (0.2.22)
    jaro_winkler (1.5.2)
    json (2.1.0)
    libnotify (0.9.1)
      ffi (>= 1.0.11)
    little-plugger (1.1.4)
    logging (2.0.0)
      little-plugger (~> 1.1)
      multi_json (~> 1.10)
    mail (2.7.1)
      mini_mime (>= 0.1.1)
    mini_mime (1.0.1)
    multi_json (1.13.1)
    parallel (1.13.0)
    parser (2.6.0.0)
      ast (~> 2.4.0)
    pi_piper (1.3.2)
      ffi
    powerpack (0.1.2)
    rainbow (3.0.0)
    rake (10.4.2)
    rb-readline (0.5.2)
    rspec (3.6.0)
      rspec-core (~> 3.6.0)
      rspec-expectations (~> 3.6.0)
      rspec-mocks (~> 3.6.0)
    rspec-core (3.6.0)
      rspec-support (~> 3.6.0)
    rspec-expectations (3.6.0)
      diff-lcs (>= 1.2.0, < 2.0)
      rspec-support (~> 3.6.0)
    rspec-mocks (3.6.0)
      diff-lcs (>= 1.2.0, < 2.0)
      rspec-support (~> 3.6.0)
    rspec-support (3.6.0)
    rubocop (0.63.1)
      jaro_winkler (~> 1.5.1)
      parallel (~> 1.10)
      parser (>= 2.5, != 2.5.1.1)
      powerpack (~> 0.1)
      rainbow (>= 2.2.2, < 4.0)
      ruby-progressbar (~> 1.7)
      unicode-display_width (~> 1.4.0)
    ruby-graphviz (1.2.1)
    ruby-progressbar (1.10.0)
    simplecov (0.16.1)
      docile (~> 1.1)
      json (>= 1.8, < 3)
      simplecov-html (~> 0.10.0)
    simplecov-html (0.10.2)
    state_machine (1.2.0)
    unicode-display_width (1.4.1)
    wiringpi (1.1.0)

PLATFORMS
  ruby

DEPENDENCIES
  dotenv (= 2.0.1)
  fuubar (= 2.0.0)
  i2c (= 0.2.22)
  libnotify (= 0.9.1)
  logging (= 2.0.0)
  mail (= 2.7.1)
  pi_piper (= 1.3.2)
  rake (= 10.4.2)
  rb-readline (= 0.5.2)
  rspec (= 3.6.0)
  rubocop (= 0.63.1)
  ruby-graphviz (= 1.2.1)
  simplecov (= 0.16.1)
  state_machine (= 1.2.0)
  wiringpi (= 1.1.0)

BUNDLED WITH
   1.16.6
