GEM
  remote: https://rubygems.org/
  specs:
    ast (2.4.0)
    diff-lcs (1.3)
    dotenv (2.0.1)
    ffi (1.9.6)
    fuubar (2.0.0)
      rspec (~> 3.0)
      ruby-progressbar (~> 1.4)
    i2c (0.2.22)
    libnotify (0.9.1)
      ffi (>= 1.0.11)
    little-plugger (1.1.4)
    logging (2.0.0)
      little-plugger (~> 1.1)
      multi_json (~> 1.10)
    mail (2.6.3)
      mime-types (>= 1.16, < 3)
    mime-types (2.4.3)
    multi_json (1.12.1)
    parallel (1.12.1)
    parser (2.5.3.0)
      ast (~> 2.4.0)
    pi_piper (1.3.2)
      ffi
    powerpack (0.1.2)
    rainbow (2.2.2)
      rake
    rake (10.4.2)
    rb-readline (0.5.2)
      diff-lcs (>= 1.2.0, < 2.0)
      rspec-support (~> 3.6.0)
    rspec (3.6.0)
      rspec-core (~> 3.6.0)
      rspec-expectations (~> 3.6.0)
      rspec-mocks (~> 3.6.0)
    rspec-core (3.6.0)
      rspec-support (~> 3.6.0)
    rspec-expectations (3.6.0)
      diff-lcs (>= 1.2.0, < 2.0)
      rspec-support (~> 3.6.0)
    rspec-mocks (3.6.0)
      diff-lcs (>= 1.2.0, < 2.0)
      rspec-support (~> 3.6.0)
    rspec-support (3.6.0)
    rubocop (0.49.0)
      parallel (~> 1.10)
      parser (>= 2.3.3.1, < 3.0)
      powerpack (~> 0.1)
      rainbow (>= 1.99.1, < 3.0)
      ruby-progressbar (~> 1.7)
      unicode-display_width (~> 1.0, >= 1.0.1)
    ruby-graphviz (1.2.1)
    ruby-progressbar (1.10.0)
    state_machine (1.2.0)
    unicode-display_width (1.4.0)
    wiringpi (1.1.0)

PLATFORMS
  ruby

DEPENDENCIES
  dotenv (= 2.0.1)
  fuubar (= 2.0.0)
  i2c (= 0.2.22)
  libnotify (= 0.9.1)
  logging (= 2.0.0)
  mail (= 2.6.3)
  pi_piper (= 1.3.2)
  rake (= 10.4.2)
  rb-readline (= 0.5.2)
  rspec (= 3.6.0)
  rubocop (= 0.49.0)
  ruby-graphviz (= 1.2.1)
  state_machine (= 1.2.0)
  wiringpi (= 1.1.0)

BUNDLED WITH
   1.16.6
