GEM
  remote: https://rubygems.org/
  specs:
    ast (2.4.0)
    celluloid (0.16.0)
      timers (~> 4.0.0)
    codecov (0.1.0)
      json
      simplecov
      url
    coderay (1.1.0)
    diff-lcs (1.3)
    docile (1.1.5)
    dotenv (2.0.1)
    ffi (1.9.6)
    formatador (0.2.5)
    fuubar (2.0.0)
      rspec (~> 3.0)
      ruby-progressbar (~> 1.4)
    guard (2.12.1)
      formatador (>= 0.2.4)
      listen (~> 2.7)
      lumberjack (~> 1.0)
      nenv (~> 0.1)
      notiffany (~> 0.0)
      pry (>= 0.9.12)
      shellany (~> 0.0)
      thor (>= 0.18.1)
    guard-compat (1.2.1)
    guard-rspec (4.5.0)
      guard (~> 2.1)
      guard-compat (~> 1.1)
      rspec (>= 2.99.0, < 4.0)
    guard-rubocop (1.2.0)
      guard (~> 2.0)
      rubocop (~> 0.20)
    hitimes (1.2.2)
    i2c (0.2.22)
    json (1.8.3)
    libnotify (0.9.1)
      ffi (>= 1.0.11)
    listen (2.8.5)
      celluloid (>= 0.15.2)
      rb-fsevent (>= 0.9.3)
      rb-inotify (>= 0.9)
    little-plugger (1.1.4)
    logging (2.0.0)
      little-plugger (~> 1.1)
      multi_json (~> 1.10)
    lumberjack (1.0.9)
    mail (2.6.3)
      mime-types (>= 1.16, < 3)
    method_source (0.8.2)
    mime-types (2.4.3)
    multi_json (1.12.1)
    nenv (0.2.0)
    notiffany (0.0.5)
      nenv (~> 0.1)
      shellany (~> 0.0)
    parallel (1.12.1)
    parser (2.5.3.0)
      ast (~> 2.4.0)
    pi_piper (1.3.2)
      ffi
    powerpack (0.1.2)
    pry (0.10.1)
      coderay (~> 1.1.0)
      method_source (~> 0.8.1)
      slop (~> 3.4)
    rainbow (2.2.2)
      rake
    rake (10.4.2)
    rb-fsevent (0.9.4)
    rb-inotify (0.9.5)
      ffi (>= 0.5.0)
    rb-readline (0.5.2)
      diff-lcs (>= 1.2.0, < 2.0)
      rspec-support (~> 3.6.0)
    rspec (3.6.0)
      rspec-core (~> 3.6.0)
      rspec-expectations (~> 3.6.0)
      rspec-mocks (~> 3.6.0)
    rspec-core (3.6.0)
      rspec-support (~> 3.6.0)
    rspec-expectations (3.6.0)
      diff-lcs (>= 1.2.0, < 2.0)
      rspec-support (~> 3.6.0)
    rspec-mocks (3.6.0)
      diff-lcs (>= 1.2.0, < 2.0)
      rspec-support (~> 3.6.0)
    rspec-support (3.6.0)
    rubocop (0.49.0)
      parallel (~> 1.10)
      parser (>= 2.3.3.1, < 3.0)
      powerpack (~> 0.1)
      rainbow (>= 1.99.1, < 3.0)
      ruby-progressbar (~> 1.7)
      unicode-display_width (~> 1.0, >= 1.0.1)
    ruby-graphviz (1.2.1)
    ruby-progressbar (1.10.0)
    shellany (0.0.1)
    simplecov (0.10.0)
      docile (~> 1.1.0)
      json (~> 1.8)
      simplecov-html (~> 0.10.0)
    simplecov-html (0.10.1)
    slop (3.6.0)
    state_machine (1.2.0)
    thor (0.19.1)
    timers (4.0.1)
      hitimes
    unicode-display_width (1.4.0)
    url (0.3.2)
    wiringpi (1.1.0)

PLATFORMS
  ruby

DEPENDENCIES
  codecov (= 0.1.0)
  dotenv (= 2.0.1)
  fuubar (= 2.0.0)
  guard-rspec (= 4.5.0)
  guard-rubocop (= 1.2.0)
  i2c (= 0.2.22)
  libnotify (= 0.9.1)
  logging (= 2.0.0)
  mail (= 2.6.3)
  pi_piper (= 1.3.2)
  rake (= 10.4.2)
  rb-readline (= 0.5.2)
  rspec (= 3.6.0)
  rubocop (= 0.49.0)
  ruby-graphviz (= 1.2.1)
  simplecov (= 0.10.0)
  state_machine (= 1.2.0)
  wiringpi (= 1.1.0)

BUNDLED WITH
   1.16.2
